GEM
  remote: https://rubygems.org/
  specs:
    dotenv (2.8.1)
    google-protobuf (3.23.4-x86_64-linux)
    googleapis-common-protos-types (1.7.0)
      google-protobuf (~> 3.14)
    grpc (1.56.2-x86_64-linux)
      google-protobuf (~> 3.23)
      googleapis-common-protos-types (~> 1.0)

PLATFORMS
  x86_64-linux

DEPENDENCIES
  dotenv
  grpc

BUNDLED WITH
   2.3.22
